GEM
  remote: https://rubygems.org/
  specs:
    kramdown (2.4.0)
      rexml
    kramdown-parser-gfm (1.1.0)
      kramdown (~> 2.0)
    rexml (3.2.6)
    rouge (4.2.1)

PLATFORMS
  x64-mingw-ucrt

DEPENDENCIES
  kramdown-parser-gfm (~> 1.1)
  rouge (~> 4.2)

BUNDLED WITH
   2.5.6
